PATH
  remote: .
  specs:
    ffi-libvlc (0.1.0)
      ffi (~> 1.2)

GEM
  remote: https://rubygems.org/
  specs:
    ffi (1.12.2)
    minitest (5.13.0)
    rake (12.3.2)

PLATFORMS
  ruby

DEPENDENCIES
  ffi-libvlc!
  minitest (~> 5.0)
  rake (~> 12.0)

BUNDLED WITH
   2.1.2
